GIT
  remote: https://github.com/3scale/license_finder_xml_reporter.git
  revision: ab8072d11344b5e6d05565ccc84cb4745d01e6f8
  tag: 1.0.0
  specs:
    license_finder_xml_reporter (0.1.0)
      license_finder

GIT
  remote: https://github.com/bugsnag/bugsnag-ruby.git
  revision: 3ba0d7f850e3a8d5761da41fd0d3b3a86b658a1f
  branch: next
  specs:
    bugsnag (6.13.1)
      concurrent-ruby (~> 1.0)

GIT
  remote: https://github.com/mikz/httpclient.git
  revision: fec23fb32fb899b87a8b2c94e2d2069b6b4c633c
  branch: ssl-env-cert
  specs:
    httpclient (2.8.3)

GEM
  remote: https://rubygems.org/
  specs:
    3scale-api (0.6.0)
    actioncable (5.2.3)
      actionpack (= 5.2.3)
      nio4r (~> 2.0)
      websocket-driver (>= 0.6.1)
    actionmailer (5.2.3)
      actionpack (= 5.2.3)
      actionview (= 5.2.3)
      activejob (= 5.2.3)
      mail (~> 2.5, >= 2.5.4)
      rails-dom-testing (~> 2.0)
    actionpack (5.2.3)
      actionview (= 5.2.3)
      activesupport (= 5.2.3)
      rack (~> 2.0)
      rack-test (>= 0.6.3)
      rails-dom-testing (~> 2.0)
      rails-html-sanitizer (~> 1.0, >= 1.0.2)
    actionview (5.2.3)
      activesupport (= 5.2.3)
      builder (~> 3.1)
      erubi (~> 1.4)
      rails-dom-testing (~> 2.0)
      rails-html-sanitizer (~> 1.0, >= 1.0.3)
    activejob (5.2.3)
      activesupport (= 5.2.3)
      globalid (>= 0.3.6)
    activemodel (5.2.3)
      activesupport (= 5.2.3)
    activerecord (5.2.3)
      activemodel (= 5.2.3)
      activesupport (= 5.2.3)
      arel (>= 9.0)
    activestorage (5.2.3)
      actionpack (= 5.2.3)
      activerecord (= 5.2.3)
      marcel (~> 0.3.1)
    activesupport (5.2.3)
      concurrent-ruby (~> 1.0, >= 1.0.2)
      i18n (>= 0.7, < 2)
      minitest (~> 5.1)
      tzinfo (~> 1.1)
    addressable (2.6.0)
      public_suffix (>= 2.0.2, < 4.0)
    ansi (1.5.0)
    arel (9.0.0)
    baby_squeel (1.3.1)
      activerecord (>= 4.2.0)
      join_dependency (~> 0.1.2)
      polyamorous (~> 1.3)
    binding_of_caller (0.8.0)
      debug_inspector (>= 0.0.1)
    bootsnap (1.4.5)
      msgpack (~> 1.0)
    bugsnag-capistrano (1.1.2)
    builder (3.2.4)
    byebug (11.0.0)
    codecov (0.1.16)
      json
      simplecov
      url
    coderay (1.1.2)
    concurrent-ruby (1.1.6)
    crack (0.4.3)
      safe_yaml (~> 1.0.0)
    crass (1.0.5)
    debug_inspector (0.0.3)
    docile (1.3.2)
    dry-configurable (0.9.0)
      concurrent-ruby (~> 1.0)
      dry-core (~> 0.4, >= 0.4.7)
    dry-container (0.7.2)
      concurrent-ruby (~> 1.0)
      dry-configurable (~> 0.1, >= 0.1.3)
    dry-core (0.4.9)
      concurrent-ruby (~> 1.0)
    dry-equalizer (0.3.0)
    dry-inflector (0.2.0)
    dry-initializer (2.5.0)
    dry-logic (0.6.1)
      concurrent-ruby (~> 1.0)
      dry-core (~> 0.2)
      dry-equalizer (~> 0.2)
    dry-struct (0.5.1)
      dry-core (~> 0.4, >= 0.4.3)
      dry-equalizer (~> 0.2)
      dry-types (~> 0.13)
      ice_nine (~> 0.11)
    dry-types (0.13.4)
      concurrent-ruby (~> 1.0)
      dry-container (~> 0.3)
      dry-core (~> 0.4, >= 0.4.4)
      dry-equalizer (~> 0.2)
      dry-inflector (~> 0.1, >= 0.1.2)
      dry-logic (~> 0.4, >= 0.4.2)
    erubi (1.9.0)
    erubis (2.7.0)
    excon (0.71.1)
    faraday (0.15.3)
      multipart-post (>= 1.2, < 3)
    globalid (0.4.2)
      activesupport (>= 4.2.0)
    hashdiff (1.0.0)
    i18n (1.7.0)
      concurrent-ruby (~> 1.0)
    ice_nine (0.11.2)
    interception (0.5)
    its-it (1.3.0)
    join_dependency (0.1.4)
      activerecord (>= 4.2.0)
    json (2.3.0)
    jsonpath (0.9.9)
      multi_json
      to_regexp (~> 0.2.1)
    jwt (2.1.0)
    k8s-client (0.10.4)
      dry-struct (~> 0.5.0)
      dry-types (~> 0.13.0)
      excon (~> 0.66)
      hashdiff (~> 1.0.0)
      jsonpath (~> 0.9.5)
      recursive-open-struct (~> 1.1.0)
      yajl-ruby (~> 1.4.0)
      yaml-safe_load_stream (~> 0.1)
    key_struct (0.4.2)
    license_finder (5.11.1)
      bundler
      rubyzip (>= 1, < 3)
      thor
      toml (= 0.2.0)
      with_env (= 1.1.0)
      xml-simple
    lograge (0.11.2)
      actionpack (>= 4)
      activesupport (>= 4)
      railties (>= 4)
      request_store (~> 1.0)
    loofah (2.4.0)
      crass (~> 1.0.2)
      nokogiri (>= 1.5.9)
    mail (2.7.1)
      mini_mime (>= 0.1.1)
    marcel (0.3.3)
      mimemagic (~> 0.3.2)
    message_bus (2.2.3)
      rack (>= 1.1.3)
    method_source (0.9.2)
    mimemagic (0.3.3)
    mini_mime (1.0.1)
    mini_portile2 (2.4.0)
    minitest (5.13.0)
    minitest-reporters (1.4.2)
      ansi
      builder
      minitest (>= 5.0)
      ruby-progressbar
    minitest-stub-const (0.6)
    modware (0.1.3)
      key_struct (~> 0.4)
    msgpack (1.3.1)
    multi_json (1.14.1)
    multi_xml (0.6.0)
    multipart-post (2.0.0)
    mustermann (1.0.3)
    nio4r (2.5.2)
    nokogiri (1.10.8)
      mini_portile2 (~> 2.4.0)
    oauth2 (1.4.1)
      faraday (>= 0.8, < 0.16.0)
      jwt (>= 1.0, < 3.0)
      multi_json (~> 1.3)
      multi_xml (~> 0.5)
      rack (>= 1.2, < 3)
    parslet (1.8.2)
    pg (1.2.0)
    polyamorous (1.3.3)
      activerecord (>= 3.0)
    prometheus-client (0.9.0)
      quantile (~> 0.2.1)
    pry (0.12.2)
      coderay (~> 1.1.0)
      method_source (~> 0.9.0)
    pry-byebug (3.7.0)
      byebug (~> 11.0)
      pry (~> 0.10)
    pry-rails (0.3.9)
      pry (>= 0.10.4)
    pry-rescue (1.5.0)
      interception (>= 0.5)
      pry (>= 0.12.0)
    pry-stack_explorer (0.4.9.3)
      binding_of_caller (>= 0.7)
      pry (>= 0.9.11)
    public_suffix (3.1.1)
    puma (4.3.3)
      nio4r (~> 2.0)
    quantile (0.2.1)
    que (1.0.0.beta3)
    que-web (0.8.0)
      erubis
      que (~> 1.0.0.beta3)
      sinatra
    rack (2.0.8)
    rack-protection (2.0.5)
      rack
    rack-test (1.1.0)
      rack (>= 1.0, < 3)
    rails (5.2.3)
      actioncable (= 5.2.3)
      actionmailer (= 5.2.3)
      actionpack (= 5.2.3)
      actionview (= 5.2.3)
      activejob (= 5.2.3)
      activemodel (= 5.2.3)
      activerecord (= 5.2.3)
      activestorage (= 5.2.3)
      activesupport (= 5.2.3)
      bundler (>= 1.3.0)
      railties (= 5.2.3)
      sprockets-rails (>= 2.0.0)
    rails-dom-testing (2.0.3)
      activesupport (>= 4.2.0)
      nokogiri (>= 1.6)
    rails-html-sanitizer (1.3.0)
      loofah (~> 2.3)
    railties (5.2.3)
      actionpack (= 5.2.3)
      activesupport (= 5.2.3)
      method_source
      rake (>= 0.8.7)
      thor (>= 0.19.0, < 2.0)
    rake (13.0.1)
    recursive-open-struct (1.1.0)
    request_store (1.5.0)
      rack (>= 1.4)
    responders (3.0.0)
      actionpack (>= 5.0)
      railties (>= 5.0)
    ruby-progressbar (1.10.1)
    rubyzip (2.0.0)
    safe_yaml (1.0.5)
    schema_monkey (2.1.5)
      activerecord (>= 4.2)
      modware (~> 0.1)
    schema_plus_core (2.2.3)
      activerecord (~> 5.0)
      its-it (~> 1.2)
      schema_monkey (~> 2.1)
    schema_plus_enums (0.1.8)
      activerecord (>= 4.2, < 5.3)
      its-it (~> 1.2)
      schema_plus_core
    simplecov (0.17.1)
      docile (~> 1.1)
      json (>= 1.8, < 3)
      simplecov-html (~> 0.10.0)
    simplecov-html (0.10.2)
    sinatra (2.0.5)
      mustermann (~> 1.0)
      rack (~> 2.0)
      rack-protection (= 2.0.5)
      tilt (~> 2.0)
    sprockets (3.7.2)
      concurrent-ruby (~> 1.0)
      rack (> 1, < 3)
    sprockets-rails (3.2.1)
      actionpack (>= 4.0)
      activesupport (>= 4.0)
      sprockets (>= 3.0.0)
    thor (1.0.1)
    thread_safe (0.3.6)
    tilt (2.0.9)
    to_regexp (0.2.1)
    toml (0.2.0)
      parslet (~> 1.8.0)
    tzinfo (1.2.6)
      thread_safe (~> 0.1)
    url (0.3.2)
    validate_url (1.0.8)
      activemodel (>= 3.0.0)
      public_suffix
    webmock (3.5.1)
      addressable (>= 2.3.6)
      crack (>= 0.3.2)
      hashdiff
    websocket-driver (0.7.0)
      websocket-extensions (>= 0.1.0)
    websocket-extensions (0.1.3)
    with_env (1.1.0)
    xml-simple (1.1.5)
    yabeda (0.1.3)
      concurrent-ruby
      dry-initializer
    yabeda-prometheus (0.1.4)
      yabeda
    yabeda-puma-plugin (0.1.0)
      json
      puma
      yabeda
    yabeda-rails (0.1.3)
      rails
      yabeda
    yajl-ruby (1.4.1)
    yaml-safe_load_stream (0.1.1)

PLATFORMS
  ruby

DEPENDENCIES
  3scale-api
  baby_squeel
  bootsnap
  bugsnag!
  bugsnag-capistrano (< 2)
  codecov
  httpclient!
  k8s-client (>= 0.10)
  license_finder (~> 5.11)
  license_finder_xml_reporter!
  lograge
  message_bus
  minitest-reporters
  minitest-stub-const
  oauth2
  pg (>= 0.20)
  prometheus-client
  pry-byebug
  pry-rails
  pry-rescue
  pry-stack_explorer
  puma (~> 4.3)
  que (>= 1.0.0.beta3)
  que-web
  rails (~> 5.2.3)
  responders (~> 3.0.0)
  rubyzip (>= 1.3.0)
  schema_plus_enums
  tzinfo-data
  validate_url
  webmock
  yabeda-prometheus
  yabeda-puma-plugin
  yabeda-rails

BUNDLED WITH
   2.0.2
